GEM
  remote: http://rubygems.org/
  specs:
    activesupport (3.0.3)
    dalli (1.0.1)
    excon (0.4.0)
    i18n (0.5.0)
    nokogiri (1.4.4)
    rack (1.2.1)
    sinatra (1.1.2)
      rack (~> 1.1)
      tilt (~> 1.2)
    tilt (1.2.2)

PLATFORMS
  ruby

DEPENDENCIES
  activesupport (~> 3.0.3)
  dalli (~> 1.0.1)
  excon (~> 0.4.0)
  i18n
  nokogiri (~> 1.4.4)
  sinatra (~> 1.1.2)
