GEM
  remote: http://rubygems.org/
  specs:
    activesupport (3.0.3)
    builder (3.0.0)
    cgi_multipart_eof_fix (2.5.0)
    daemons (1.1.0)
    dalli (1.0.1)
    excon (0.4.0)
    fastthread (1.0.7)
    gem_plugin (0.2.3)
    i18n (0.5.0)
    mongrel (1.1.5)
      cgi_multipart_eof_fix (>= 2.4)
      daemons (>= 1.0.3)
      fastthread (>= 1.0.1)
      gem_plugin (>= 0.2.3)
    nokogiri (1.4.4)
    rack (1.2.1)
    sinatra (1.1.2)
      rack (~> 1.1)
      tilt (~> 1.2)
    tilt (1.2.2)

PLATFORMS
  ruby

DEPENDENCIES
  activesupport (~> 3.0.3)
  builder (~> 3.0.0)
  dalli (~> 1.0.1)
  excon (~> 0.4.0)
  i18n
  mongrel
  nokogiri (~> 1.4.4)
  sinatra (~> 1.1.2)
